PATH
  remote: .
  specs:
    puma-acme (0.1.0)
      acme-client (~> 2.0.13)
      pstore (~> 0.1)

GEM
  remote: https://rubygems.org/
  specs:
    acme-client (2.0.15)
      faraday (>= 1.0, < 3.0.0)
      faraday-retry (>= 1.0, < 3.0.0)
    base64 (0.2.0)
    faraday (2.7.12)
      base64
      faraday-net_http (>= 2.0, < 3.1)
      ruby2_keywords (>= 0.0.4)
    faraday-net_http (3.0.2)
    faraday-retry (2.2.0)
      faraday (~> 2.0)
    http.rb (0.12.0)
    minitest (5.20.0)
    pstore (0.1.3)
    rake (13.1.0)
    ruby2_keywords (0.0.5)

PLATFORMS
  arm64-darwin-23

DEPENDENCIES
  http.rb (~> 0.12)
  minitest (~> 5.14)
  puma-acme!
  rake (~> 13.0)

BUNDLED WITH
   2.3.26
