PATH
  remote: .
  specs:
    puma-acme (0.1.0)

GEM
  remote: https://rubygems.org/
  specs:
    minitest (5.20.0)
    rake (13.1.0)

PLATFORMS
  arm64-darwin-23

DEPENDENCIES
  minitest (~> 5.14)
  puma-acme!
  rake (~> 13.0)

BUNDLED WITH
   2.3.26
