PATH
  remote: .
  specs:
    puma-acme (0.1.3.pre)
      acme-client (~> 2.0.13)
      pstore (~> 0.1)
      puma (~> 6.0)
      sinatra (~> 4.0)

GEM
  remote: https://rubygems.org/
  specs:
    acme-client (2.0.17)
      faraday (>= 1.0, < 3.0.0)
      faraday-retry (>= 1.0, < 3.0.0)
    addressable (2.8.6)
      public_suffix (>= 2.0.2, < 6.0)
    base64 (0.2.0)
    bigdecimal (3.1.6)
    crack (1.0.0)
      bigdecimal
      rexml
    faraday (2.9.0)
      faraday-net_http (>= 2.0, < 3.2)
    faraday-net_http (3.1.0)
      net-http
    faraday-retry (2.2.0)
      faraday (~> 2.0)
    hashdiff (1.1.0)
    http.rb (0.12.0)
    minitest (5.20.0)
    minitest-mock_expectations (1.2.0)
    mustermann (3.0.0)
      ruby2_keywords (~> 0.0.1)
    net-http (0.4.1)
      uri
    nio4r (2.7.0)
    pstore (0.1.3)
    public_suffix (5.0.4)
    puma (6.4.2)
      nio4r (~> 2.0)
    rack (3.0.9.1)
    rack-protection (4.0.0)
      base64 (>= 0.1.0)
      rack (>= 3.0.0, < 4)
    rack-session (2.0.0)
      rack (>= 3.0.0)
    rake (13.1.0)
    rexml (3.2.6)
    ruby2_keywords (0.0.5)
    sinatra (4.0.0)
      mustermann (~> 3.0)
      rack (>= 3.0.0, < 4)
      rack-protection (= 4.0.0)
      rack-session (>= 2.0.0, < 3)
      tilt (~> 2.0)
    tilt (2.3.0)
    uri (0.13.0)
    vcr (6.2.0)
    webmock (3.23.0)
      addressable (>= 2.8.0)
      crack (>= 0.3.2)
      hashdiff (>= 0.4.0, < 2.0.0)

PLATFORMS
  arm64-darwin-23
  x86_64-linux

DEPENDENCIES
  http.rb (~> 0.12)
  minitest (~> 5.14)
  minitest-mock_expectations (~> 1.2)
  puma-acme!
  rake (~> 13.0)
  vcr (~> 6.1)
  webmock (~> 3.19)

BUNDLED WITH
   2.3.26
