PATH
  remote: .
  specs:
    puma-acme (0.1.0)
      acme-client (~> 2.0.13)
      pstore (~> 0.1)
      puma (~> 6.4)
      sinatra (~> 3.1)

GEM
  remote: https://rubygems.org/
  specs:
    acme-client (2.0.15)
      faraday (>= 1.0, < 3.0.0)
      faraday-retry (>= 1.0, < 3.0.0)
    base64 (0.2.0)
    faraday (2.7.12)
      base64
      faraday-net_http (>= 2.0, < 3.1)
      ruby2_keywords (>= 0.0.4)
    faraday-net_http (3.0.2)
    faraday-retry (2.2.0)
      faraday (~> 2.0)
    http.rb (0.12.0)
    minitest (5.20.0)
    minitest-mock_expectations (1.2.0)
    mustermann (3.0.0)
      ruby2_keywords (~> 0.0.1)
    nio4r (2.7.0)
    pstore (0.1.3)
    puma (6.4.0)
      nio4r (~> 2.0)
    rack (2.2.8)
    rack-protection (3.1.0)
      rack (~> 2.2, >= 2.2.4)
    rake (13.1.0)
    ruby2_keywords (0.0.5)
    sinatra (3.1.0)
      mustermann (~> 3.0)
      rack (~> 2.2, >= 2.2.4)
      rack-protection (= 3.1.0)
      tilt (~> 2.0)
    tilt (2.3.0)
    vcr (6.2.0)

PLATFORMS
  arm64-darwin-23

DEPENDENCIES
  http.rb (~> 0.12)
  minitest (~> 5.14)
  minitest-mock_expectations (~> 1.2)
  puma-acme!
  rake (~> 13.0)
  vcr (~> 6.1)

BUNDLED WITH
   2.3.26
